PATH
  remote: .
  specs:
    photo_organiser (0.1.0)
      exifr (~> 1.2.5)
      filesize (~> 0.1.1)
      parslet (~> 1.7.1)
      slop (~> 4.4.1)

GEM
  remote: https://rubygems.org/
  specs:
    ast (2.3.0)
    blankslate (3.1.3)
    exifr (1.2.6)
    filesize (0.1.1)
    minitest (5.10.3)
    parser (2.4.0.0)
      ast (~> 2.2)
    parslet (1.7.1)
      blankslate (>= 2.0, <= 4.0)
    powerpack (0.1.1)
    rainbow (2.2.2)
      rake
    rake (10.5.0)
    rubocop (0.44.1)
      parser (>= 2.3.1.1, < 3.0)
      powerpack (~> 0.1)
      rainbow (>= 1.99.1, < 3.0)
      ruby-progressbar (~> 1.7)
      unicode-display_width (~> 1.0, >= 1.0.1)
    ruby-progressbar (1.9.0)
    slop (4.4.3)
    unicode-display_width (1.3.0)

PLATFORMS
  ruby

DEPENDENCIES
  bundler (~> 1.13)
  minitest (~> 5.0)
  photo_organiser!
  rake (~> 10.0)
  rubocop (~> 0.44.0)

BUNDLED WITH
   1.15.4
